GIT
  remote: git://github.com/ashmckenzie/pushover-sender.git
  revision: 4812e194c2139638ce5dabb7caf5fa42158377ff
  branch: 4812e194c2139638ce5dabb7caf5fa42158377ff
  specs:
    pushover_sender (0.0.4)
      clamp (~> 0.6)
      hashie (~> 2.0)
      pushover (~> 1.0)

GEM
  remote: https://rubygems.org/
  specs:
    activesupport (4.0.2)
      i18n (~> 0.6, >= 0.6.4)
      minitest (~> 4.2)
      multi_json (~> 1.3)
      thread_safe (~> 0.1)
      tzinfo (~> 0.3.37)
    atomic (1.1.14)
    backports (3.3.5)
    better_errors (1.0.1)
      coderay (>= 1.0.0)
      erubis (>= 2.6.6)
    binding_of_caller (0.7.2)
      debug_inspector (>= 0.0.1)
    bini (0.7.0)
      sys-proctable
    celluloid (0.15.2)
      timers (~> 1.1.0)
    clamp (0.6.3)
    coderay (1.0.9)
    connection_pool (1.2.0)
    debug_inspector (0.0.2)
    dotenv (0.9.0)
    erubis (2.7.0)
    filesize (0.0.3)
    foreman (0.63.0)
      dotenv (>= 0.7)
      thor (>= 0.13.6)
    god (0.13.3)
    hashie (2.0.2)
    httparty (0.11.0)
      multi_json (~> 1.0)
      multi_xml (>= 0.5.2)
    i18n (0.6.9)
    json (1.8.1)
    method_source (0.8.2)
    minitest (4.7.5)
    multi_json (1.8.2)
    multi_xml (0.5.5)
    naught (0.0.2)
    pg (0.16.0)
    pry (0.9.12.2)
      coderay (~> 1.0.5)
      method_source (~> 0.8)
      slop (~> 3.4)
    puma (2.6.0)
      rack (>= 1.1, < 2.0)
    pushover (1.0.3)
      bini (= 0.7.0)
      httparty (= 0.11.0)
      yajl-ruby (= 1.1.0)
    rack (1.5.2)
    rack-cache (1.2)
      rack (>= 0.4)
    rack-protection (1.5.1)
      rack
    rack-test (0.6.2)
      rack (>= 1.0)
    rake (10.1.0)
    redis (3.0.6)
    redis-namespace (1.4.1)
      redis (~> 3.0.4)
    sequel (4.4.0)
    serialport (1.2.1)
    sidekiq (2.17.3)
      celluloid (>= 0.15.2)
      connection_pool (>= 1.0.0)
      json
      redis (>= 3.0.6)
      redis-namespace (>= 1.3.1)
    sidekiq-failures (0.2.2)
      sidekiq (>= 2.9.0)
    sidekiq-limit_fetch (2.1.2)
      sidekiq (>= 2.6.5, < 3)
    sinatra (1.4.4)
      rack (~> 1.4)
      rack-protection (~> 1.4)
      tilt (~> 1.3, >= 1.3.4)
    sinatra-contrib (1.4.1)
      backports (>= 2.0)
      multi_json
      rack-protection
      rack-test
      sinatra (~> 1.4.0)
      tilt (~> 1.3)
    slim (2.0.2)
      temple (~> 0.6.6)
      tilt (>= 1.3.3, < 2.1)
    slop (3.4.6)
    sys-proctable (0.9.3)
    temple (0.6.7)
    thor (0.18.1)
    thread_safe (0.1.3)
      atomic
    tilt (1.4.1)
    time_diff (0.3.0)
      activesupport
      i18n
    timers (1.1.0)
    tzinfo (0.3.38)
    yajl-ruby (1.1.0)

PLATFORMS
  ruby

DEPENDENCIES
  better_errors
  binding_of_caller
  filesize
  foreman
  god
  hashie
  naught
  pg
  pry
  puma
  pushover_sender!
  rack-cache
  rake
  redis
  redis-namespace
  sequel
  serialport
  sidekiq
  sidekiq-failures
  sidekiq-limit_fetch
  sinatra
  sinatra-contrib
  slim
  time_diff
